GEM
  remote: https://rubygems.org/
  specs:
    activemodel (5.2.4.4)
      activesupport (= 5.2.4.4)
    activesupport (5.2.4.4)
      concurrent-ruby (~> 1.0, >= 1.0.2)
      i18n (>= 0.7, < 2)
      minitest (~> 5.1)
      tzinfo (~> 1.1)
    backports (3.15.0)
    byebug (11.0.1)
    climate_control (0.2.0)
    coderay (1.1.2)
    concurrent-ruby (1.1.7)
    diff-lcs (1.3)
    figaro (1.1.1)
      thor (~> 0.14)
    flight_facade (0.1.5)
      activemodel
      activesupport
      hashie
      jsonapi-serializers (~> 1.0)
    hashie (4.1.0)
    i18n (1.8.5)
      concurrent-ruby (~> 1.0)
    json (2.3.0)
    jsonapi-serializers (1.0.1)
      activesupport
    jwt (2.2.1)
    method_source (0.9.2)
    minitest (5.14.2)
    multi_json (1.14.1)
    mustermann (1.1.1)
      ruby2_keywords (~> 0.0.1)
    nio4r (2.5.8)
    parallel (1.19.2)
    pry (0.12.2)
      coderay (~> 1.1.0)
      method_source (~> 0.9.0)
    pry-byebug (3.7.0)
      byebug (~> 11.0)
      pry (~> 0.10)
    puma (4.3.9)
      nio4r (~> 2.0)
    rack (2.2.3)
    rack-protection (2.0.8.1)
      rack
    rack-test (1.1.0)
      rack (>= 1.0, < 3)
    rake (13.0.1)
    rspec (3.9.0)
      rspec-core (~> 3.9.0)
      rspec-expectations (~> 3.9.0)
      rspec-mocks (~> 3.9.0)
    rspec-collection_matchers (1.2.0)
      rspec-expectations (>= 2.99.0.beta1)
    rspec-core (3.9.1)
      rspec-support (~> 3.9.1)
    rspec-expectations (3.9.0)
      diff-lcs (>= 1.2.0, < 2.0)
      rspec-support (~> 3.9.0)
    rspec-mocks (3.9.1)
      diff-lcs (>= 1.2.0, < 2.0)
      rspec-support (~> 3.9.0)
    rspec-support (3.9.2)
    ruby2_keywords (0.0.2)
    sinatra (2.0.8.1)
      mustermann (~> 1.0)
      rack (~> 2.0)
      rack-protection (= 2.0.8.1)
      tilt (~> 2.0)
    sinatra-contrib (2.0.8.1)
      backports (>= 2.8.2)
      multi_json
      mustermann (~> 1.0)
      rack-protection (= 2.0.8.1)
      sinatra (= 2.0.8.1)
      tilt (~> 2.0)
    sinja (1.3.0)
      activesupport (>= 4.2.8, < 6)
      json (>= 1.8.3, < 3)
      jsonapi-serializers (>= 0.16.2, < 2)
      sinatra (>= 2.0.0.rc1, < 3)
      sinatra-contrib (>= 2.0.0.rc1, < 3)
    thor (0.20.3)
    thread_safe (0.3.6)
    tilt (2.0.10)
    tzinfo (1.2.7)
      thread_safe (~> 0.1)

PLATFORMS
  ruby

DEPENDENCIES
  activemodel
  activesupport (>= 5.2.4.3)
  climate_control
  figaro
  flight_facade (>= 0.1.5)
  hashie
  jwt
  parallel
  pry
  pry-byebug
  puma
  rack-test
  rake
  rspec
  rspec-collection_matchers
  sinatra
  sinja (> 1.0.0)

BUNDLED WITH
   2.1.4
